GEM
  remote: https://rubygems.org/
  specs:
    addressable (2.3.2)
    ansi (1.4.3)
    crack (0.3.1)
    faraday (0.8.4)
      multipart-post (~> 1.1)
    json (1.7.5)
    minitest (4.1.0)
    multi_json (1.3.6)
    multipart-post (1.1.5)
    simplecov (0.7.1)
      multi_json (~> 1.0)
      simplecov-html (~> 0.7.1)
    simplecov-html (0.7.1)
    term-ansicolor (1.0.7)
    turn (0.9.6)
      ansi
    vcr (2.0.1)
    webmock (1.8.11)
      addressable (>= 2.2.7)
      crack (>= 0.1.7)

PLATFORMS
  ruby

DEPENDENCIES
  faraday (~> 0.8.4)
  json (~> 1.7.5)
  minitest
  simplecov
  term-ansicolor (~> 1.0.7)
  turn
  vcr (~> 2.0.0)
  webmock (~> 1.8.3)
